GEM
  remote: https://rubygems.org/
  specs:
    sqlite3 (1.5.3-x86_64-darwin)

PLATFORMS
  x86_64-darwin-19

DEPENDENCIES
  sqlite3

BUNDLED WITH
   2.3.22
